GEM
  remote: https://rubygems.org/
  specs:
    nokogiri (1.5.9)
    pg (0.15.1)

PLATFORMS
  ruby

DEPENDENCIES
  nokogiri
  pg
